GIT
  remote: https://github.com/cschiewek/devise_ldap_authenticatable
  revision: 472735c0455f2b0cff1cf6e860f591ec07b0d7c0
  specs:
    devise_ldap_authenticatable (0.8.6)
      devise (>= 3.4.1)
      net-ldap (>= 0.16.0)

GIT
  remote: https://github.com/didww/postgres_ext.git
  revision: 6eec08d613f1dd0e453a0deb82ff9a7bb3dede7f
  branch: rails-5-2
  specs:
    postgres_ext (4.0.0)
      activerecord (~> 5.2)
      arel (>= 4.0.1)

GIT
  remote: https://github.com/livingsocial/excelinator.git
  revision: 51cd9dbdbcc0e610ff5bd31b85e4744ac379e8c5
  specs:
    excelinator (1.3.1)
      spreadsheet

GIT
  remote: https://github.com/nsarno/knock.git
  revision: 66b60437a5acc28e4863f011ab59324dc1b5d0ae
  ref: 66b60437a5acc28e4863f011ab59324dc1b5d0ae
  specs:
    knock (2.1.1)
      bcrypt (~> 3.1)
      jwt (~> 1.5)
      rails (>= 4.2)

GIT
  remote: https://github.com/workgena/active_admin_date_range_preset.git
  revision: 1bfb64ceb9639bb76dcad2c8e2df4c5199b138f3
  specs:
    active_admin_date_range_preset (0.3.1)

GIT
  remote: https://github.com/yeti-switch/jrpc.git
  revision: ddb9bf39395b6be2ca14cab461cb9f5f9d715221
  ref: ddb9bf3
  specs:
    jrpc (1.0.1)
      net_tcp_client (~> 2.0)
      netstring (~> 0)
      oj (~> 2.0)

GIT
  remote: https://github.com/yeti-switch/nvd3-community-rails.git
  revision: 34afaba76846debbfcb7b17528d02834c2723cc2
  specs:
    novus-nvd3-rails (1.7.1)

GIT
  remote: https://github.com/yeti-switch/odf-report.git
  revision: 3e956a60c0ed9eaeff53350707b36e48da7e13d6
  branch: master-2018
  specs:
    odf-report (0.5.2)
      nokogiri (>= 1.5.0)
      rubyzip (~> 1.2.0)

GIT
  remote: https://github.com/yeti-switch/secondbase.git
  revision: 11801e3a915248e04408bfc99ab115b8d11bf317
  specs:
    secondbase (2.1.4)
      rails (>= 4.0)

GIT
  remote: https://github.com/yeti-switch/yetis_node.git
  revision: 99440a719fde0904b4ad093ede27d6661e595190
  specs:
    yetis_node (1.0.0)
      jrpc (~> 1.0, >= 0.4.6)

GEM
  remote: https://rubygems.org/
  specs:
    actioncable (5.2.3)
      actionpack (= 5.2.3)
      nio4r (~> 2.0)
      websocket-driver (>= 0.6.1)
    actionmailer (5.2.3)
      actionpack (= 5.2.3)
      actionview (= 5.2.3)
      activejob (= 5.2.3)
      mail (~> 2.5, >= 2.5.4)
      rails-dom-testing (~> 2.0)
    actionpack (5.2.3)
      actionview (= 5.2.3)
      activesupport (= 5.2.3)
      rack (~> 2.0)
      rack-test (>= 0.6.3)
      rails-dom-testing (~> 2.0)
      rails-html-sanitizer (~> 1.0, >= 1.0.2)
    actionview (5.2.3)
      activesupport (= 5.2.3)
      builder (~> 3.1)
      erubi (~> 1.4)
      rails-dom-testing (~> 2.0)
      rails-html-sanitizer (~> 1.0, >= 1.0.3)
    active_admin_datetimepicker (0.6.3)
      activeadmin (~> 1.1)
      xdan-datetimepicker-rails (~> 2.5.4)
    active_admin_import (3.1.0)
      activeadmin (>= 1.0.0.pre2)
      activerecord-import (~> 0.17.0)
      rchardet (~> 1.6)
      rubyzip (~> 1.2)
    active_admin_scoped_collection_actions (0.3.5)
    active_admin_sidebar (1.1.0)
      activeadmin
    active_admin_theme (1.0.3)
    activeadmin (1.4.3)
      arbre (>= 1.1.1)
      coffee-rails
      formtastic (~> 3.1)
      formtastic_i18n
      inherited_resources (>= 1.9.0)
      jquery-rails (>= 4.2.0)
      kaminari (>= 0.15)
      railties (>= 4.2, < 5.3)
      ransack (>= 1.8.7)
      sass (~> 3.1)
      sprockets (< 4.1)
    activejob (5.2.3)
      activesupport (= 5.2.3)
      globalid (>= 0.3.6)
    activeldap (5.1.1)
      activemodel (> 4.0.0)
      builder
      gettext
      gettext_i18n_rails
      locale
    activemodel (5.2.3)
      activesupport (= 5.2.3)
    activemodel-serializers-xml (1.0.2)
      activemodel (> 5.x)
      activesupport (> 5.x)
      builder (~> 3.1)
    activerecord (5.2.3)
      activemodel (= 5.2.3)
      activesupport (= 5.2.3)
      arel (>= 9.0)
    activerecord-import (0.17.2)
      activerecord (>= 3.2)
    activestorage (5.2.3)
      actionpack (= 5.2.3)
      activerecord (= 5.2.3)
      marcel (~> 0.3.1)
    activesupport (5.2.3)
      concurrent-ruby (~> 1.0, >= 1.0.2)
      i18n (>= 0.7, < 2)
      minitest (~> 5.1)
      tzinfo (~> 1.1)
    addressable (2.5.2)
      public_suffix (>= 2.0.2, < 4.0)
    annotate (2.7.2)
      activerecord (>= 3.2, < 6.0)
      rake (>= 10.4, < 13.0)
    apitome (0.1.0)
      kramdown
      railties
      rspec_api_documentation
    arbre (1.1.1)
      activesupport (>= 3.0.0)
    archive-zip (0.11.0)
      io-like (~> 0.3.0)
    arel (9.0.0)
    ast (2.4.0)
    awesome_print (1.8.0)
    backports (3.11.4)
    bcrypt (3.1.11)
    bootsnap (1.3.2)
      msgpack (~> 1.0)
    builder (3.2.3)
    bundler-audit (0.6.1)
      bundler (>= 1.2.0, < 3)
      thor (~> 0.18)
    byebug (10.0.2)
    capybara (3.12.0)
      addressable
      mini_mime (>= 0.1.3)
      nokogiri (~> 1.8)
      rack (>= 1.6.0)
      rack-test (>= 0.6.3)
      regexp_parser (~> 1.2)
      xpath (~> 3.2)
    capybara-screenshot (1.0.22)
      capybara (>= 1.0, < 4)
      launchy
    childprocess (0.9.0)
      ffi (~> 1.0, >= 1.0.11)
    chosen-rails (1.5.2)
      coffee-rails (>= 3.2)
      railties (>= 3.0)
      sass-rails (>= 3.2)
    chromedriver-helper (2.1.0)
      archive-zip (~> 0.10)
      nokogiri (~> 1.8)
    chunky_png (1.3.10)
    coffee-rails (4.2.2)
      coffee-script (>= 2.2.0)
      railties (>= 4.0.0)
    coffee-script (2.4.1)
      coffee-script-source
      execjs
    coffee-script-source (1.12.2)
    compass (1.0.3)
      chunky_png (~> 1.2)
      compass-core (~> 1.0.2)
      compass-import-once (~> 1.0.5)
      rb-fsevent (>= 0.9.3)
      rb-inotify (>= 0.9)
      sass (>= 3.3.13, < 3.5)
    compass-core (1.0.3)
      multi_json (~> 1.0)
      sass (>= 3.3.0, < 3.5)
    compass-import-once (1.0.5)
      sass (>= 3.2, < 3.5)
    compass-rails (3.0.2)
      compass (~> 1.0.0)
      sass-rails (< 5.1)
      sprockets (< 4.0)
    concurrent-ruby (1.1.4)
    crack (0.4.3)
      safe_yaml (~> 1.0.0)
    crass (1.0.4)
    cucumber (3.1.2)
      builder (>= 2.1.2)
      cucumber-core (~> 3.2.0)
      cucumber-expressions (~> 6.0.1)
      cucumber-wire (~> 0.0.1)
      diff-lcs (~> 1.3)
      gherkin (~> 5.1.0)
      multi_json (>= 1.7.5, < 2.0)
      multi_test (>= 0.1.2)
    cucumber-core (3.2.1)
      backports (>= 3.8.0)
      cucumber-tag_expressions (~> 1.1.0)
      gherkin (~> 5.0)
    cucumber-expressions (6.0.1)
    cucumber-rails (1.6.0)
      capybara (>= 1.1.2, < 4)
      cucumber (>= 3.0.2, < 4)
      mime-types (>= 1.17, < 4)
      nokogiri (~> 1.8)
      railties (>= 4, < 6)
    cucumber-tag_expressions (1.1.1)
    cucumber-wire (0.0.1)
    d3-rails (3.5.2)
      railties (>= 3.1)
    daemons (1.2.6)
    database_cleaner (1.6.2)
    delayed_job (4.1.5)
      activesupport (>= 3.0, < 5.3)
    delayed_job_active_record (4.1.3)
      activerecord (>= 3.0, < 5.3)
      delayed_job (>= 3.0, < 5)
    devise (4.6.2)
      bcrypt (~> 3.0)
      orm_adapter (~> 0.1)
      railties (>= 4.1.0, < 6.0)
      responders
      warden (~> 1.2.3)
    diff-lcs (1.3)
    docile (1.3.1)
    draper (3.0.1)
      actionpack (~> 5.0)
      activemodel (~> 5.0)
      activemodel-serializers-xml (~> 1.0)
      activesupport (~> 5.0)
      request_store (~> 1.0)
    erubi (1.8.0)
    eventmachine (1.2.5)
    execjs (2.7.0)
    factory_girl (4.8.1)
      activesupport (>= 3.0.0)
    factory_girl_rails (4.8.0)
      factory_girl (~> 4.8.0)
      railties (>= 3.0.0)
    fast_gettext (1.6.0)
    ffi (1.9.25)
    file-tail (1.2.0)
      tins (~> 1.0)
    font-awesome-rails (4.7.0.4)
      railties (>= 3.2, < 6.0)
    formtastic (3.1.5)
      actionpack (>= 3.2.13)
    formtastic_i18n (0.6.0)
    get_process_mem (0.2.3)
    gettext (3.2.9)
      locale (>= 2.0.5)
      text (>= 1.3.0)
    gettext_i18n_rails (1.8.0)
      fast_gettext (>= 0.9.0)
    gherkin (5.1.0)
    globalid (0.4.2)
      activesupport (>= 4.2.0)
    has_scope (0.7.2)
      actionpack (>= 4.1)
      activesupport (>= 4.1)
    hashdiff (0.3.8)
    i18n (1.5.2)
      concurrent-ruby (~> 1.0)
    inherited_resources (1.9.0)
      actionpack (>= 4.2, < 5.3)
      has_scope (~> 0.6)
      railties (>= 4.2, < 5.3)
      responders
    io-like (0.3.0)
    jaro_winkler (1.5.2)
    jquery-rails (4.3.3)
      rails-dom-testing (>= 1, < 3)
      railties (>= 4.2.0)
      thor (>= 0.14, < 2.0)
    jquery-tablesorter (1.25.0)
      railties (>= 3.2, < 6)
    jquery-ui-rails (6.0.1)
      railties (>= 3.2.16)
    json (2.1.0)
    jsonapi-resources (0.9.1.beta1)
      activerecord (>= 4.1)
      concurrent-ruby
      railties (>= 4.1)
    jwt (1.5.6)
    kaminari (1.1.1)
      activesupport (>= 4.1.0)
      kaminari-actionview (= 1.1.1)
      kaminari-activerecord (= 1.1.1)
      kaminari-core (= 1.1.1)
    kaminari-actionview (1.1.1)
      actionview
      kaminari-core (= 1.1.1)
    kaminari-activerecord (1.1.1)
      activerecord
      kaminari-core (= 1.1.1)
    kaminari-core (1.1.1)
    kramdown (1.16.2)
    launchy (2.4.3)
      addressable (~> 2.3)
    libv8 (3.16.14.19)
    locale (2.1.2)
    loofah (2.2.3)
      crass (~> 1.0.2)
      nokogiri (>= 1.5.9)
    mail (2.7.1)
      mini_mime (>= 0.1.1)
    marcel (0.3.3)
      mimemagic (~> 0.3.2)
    method_source (0.9.2)
    mime-types (3.2.2)
      mime-types-data (~> 3.2015)
    mime-types-data (3.2018.0812)
    mimemagic (0.3.3)
    mini_mime (1.0.1)
    mini_portile2 (2.4.0)
    minitest (5.11.3)
    msgpack (1.2.6)
    multi_json (1.13.1)
    multi_test (0.1.2)
    mustache (1.0.5)
    net-ldap (0.16.1)
    net_tcp_client (2.0.1)
    netstring (0.0.3)
    nio4r (2.3.1)
    nokogiri (1.10.3)
      mini_portile2 (~> 2.4.0)
    oj (2.18.5)
    orm_adapter (0.5.0)
    paper_trail (9.0.0)
      activerecord (>= 4.2, < 5.3)
      request_store (~> 1.1)
    parallel (1.12.1)
    parallel_tests (2.29.0)
      parallel
    parser (2.5.3.0)
      ast (~> 2.4.0)
    pg (1.0.0)
    powerpack (0.1.2)
    public_suffix (3.0.3)
    puma (3.12.1)
    puma_worker_killer (0.1.0)
      get_process_mem (~> 0.2)
      puma (>= 2.7, < 4)
    pundit (1.1.0)
      activesupport (>= 3.0.0)
    rack (2.0.6)
    rack-test (1.1.0)
      rack (>= 1.0, < 3)
    rails (5.2.3)
      actioncable (= 5.2.3)
      actionmailer (= 5.2.3)
      actionpack (= 5.2.3)
      actionview (= 5.2.3)
      activejob (= 5.2.3)
      activemodel (= 5.2.3)
      activerecord (= 5.2.3)
      activestorage (= 5.2.3)
      activesupport (= 5.2.3)
      bundler (>= 1.3.0)
      railties (= 5.2.3)
      sprockets-rails (>= 2.0.0)
    rails-dom-testing (2.0.3)
      activesupport (>= 4.2.0)
      nokogiri (>= 1.6)
    rails-html-sanitizer (1.0.4)
      loofah (~> 2.2, >= 2.2.2)
    railties (5.2.3)
      actionpack (= 5.2.3)
      activesupport (= 5.2.3)
      method_source
      rake (>= 0.8.7)
      thor (>= 0.19.0, < 2.0)
    rainbow (3.0.0)
    rake (12.3.2)
    ransack (2.1.1)
      actionpack (>= 5.0)
      activerecord (>= 5.0)
      activesupport (>= 5.0)
      i18n
    rb-fsevent (0.10.3)
    rb-inotify (0.9.10)
      ffi (>= 0.5.0, < 2)
    rchardet (1.7.0)
    ref (2.0.0)
    regexp_parser (1.3.0)
    request_store (1.4.1)
      rack (>= 1.4)
    responders (2.4.0)
      actionpack (>= 4.2.0, < 5.3)
      railties (>= 4.2.0, < 5.3)
    rspec (3.7.0)
      rspec-core (~> 3.7.0)
      rspec-expectations (~> 3.7.0)
      rspec-mocks (~> 3.7.0)
    rspec-core (3.7.1)
      rspec-support (~> 3.7.0)
    rspec-expectations (3.7.0)
      diff-lcs (>= 1.2.0, < 2.0)
      rspec-support (~> 3.7.0)
    rspec-mocks (3.7.0)
      diff-lcs (>= 1.2.0, < 2.0)
      rspec-support (~> 3.7.0)
    rspec-rails (3.7.2)
      actionpack (>= 3.0)
      activesupport (>= 3.0)
      railties (>= 3.0)
      rspec-core (~> 3.7.0)
      rspec-expectations (~> 3.7.0)
      rspec-mocks (~> 3.7.0)
      rspec-support (~> 3.7.0)
    rspec-support (3.7.1)
    rspec_api_documentation (5.0.0)
      activesupport (>= 3.0.0)
      mustache (~> 1.0, >= 0.99.4)
      rspec (~> 3.0)
    rubocop (0.62.0)
      jaro_winkler (~> 1.5.1)
      parallel (~> 1.10)
      parser (>= 2.5, != 2.5.1.1)
      powerpack (~> 0.1)
      rainbow (>= 2.2.2, < 4.0)
      ruby-progressbar (~> 1.7)
      unicode-display_width (~> 1.4.0)
    ruby-ole (1.2.12.1)
    ruby-progressbar (1.10.0)
    ruby2ruby (2.4.1)
      ruby_parser (~> 3.1)
      sexp_processor (~> 4.6)
    ruby_parser (3.11.0)
      sexp_processor (~> 4.9)
    rubyzip (1.2.2)
    safe_yaml (1.0.4)
    sass (3.4.25)
    sass-globbing (1.1.5)
      sass (>= 3.1)
    sass-rails (5.0.7)
      railties (>= 4.0.0, < 6)
      sass (~> 3.1)
      sprockets (>= 2.8, < 4.0)
      sprockets-rails (>= 2.0, < 4.0)
      tilt (>= 1.1, < 3)
    selenium-webdriver (3.141.0)
      childprocess (~> 0.5)
      rubyzip (~> 1.2, >= 1.2.2)
    sexp_processor (4.10.1)
    shoulda-matchers (3.1.2)
      activesupport (>= 4.0.0)
    simplecov (0.16.1)
      docile (~> 1.1)
      json (>= 1.8, < 3)
      simplecov-html (~> 0.10.0)
    simplecov-html (0.10.2)
    sourcify (0.5.0)
      file-tail (>= 1.0.5)
      ruby2ruby (>= 1.2.5)
      ruby_parser (>= 2.0.5)
      sexp_processor (>= 3.0.5)
    spreadsheet (1.1.7)
      ruby-ole (>= 1.0)
    sprockets (3.7.2)
      concurrent-ruby (~> 1.0)
      rack (> 1, < 3)
    sprockets-rails (3.2.1)
      actionpack (>= 4.0)
      activesupport (>= 4.0)
      sprockets (>= 3.0.0)
    syslog-logger (1.6.8)
    text (1.3.1)
    therubyracer (0.12.3)
      libv8 (~> 3.16.14.15)
      ref
    thin (1.7.2)
      daemons (~> 1.0, >= 1.0.9)
      eventmachine (~> 1.0, >= 1.0.4)
      rack (>= 1, < 3)
    thor (0.20.3)
    thread_safe (0.3.6)
    tilt (2.0.9)
    tins (1.16.3)
    tzinfo (1.2.5)
      thread_safe (~> 0.1)
    uglifier (4.1.8)
      execjs (>= 0.3.0, < 3)
    unicode-display_width (1.4.1)
    warden (1.2.8)
      rack (>= 2.0.6)
    webmock (3.5.1)
      addressable (>= 2.3.6)
      crack (>= 0.3.2)
      hashdiff
    websocket-driver (0.7.0)
      websocket-extensions (>= 0.1.0)
    websocket-extensions (0.1.3)
    xdan-datetimepicker-rails (2.5.4)
      jquery-rails
      rails (>= 3.2.16)
    xpath (3.2.0)
      nokogiri (~> 1.8)
    zip-zip (0.3)
      rubyzip (>= 1.0.0)

PLATFORMS
  ruby

DEPENDENCIES
  active_admin_date_range_preset!
  active_admin_datetimepicker
  active_admin_import (= 3.1.0)
  active_admin_scoped_collection_actions
  active_admin_sidebar (= 1.1.0)
  active_admin_theme
  activeadmin
  activeldap
  activemodel-serializers-xml
  annotate
  apitome (~> 0.1.0)
  awesome_print
  bootsnap
  bundler-audit
  byebug
  capybara
  capybara-screenshot
  chosen-rails (= 1.5.2)
  chromedriver-helper
  coffee-rails (~> 4.0)
  compass-rails (~> 3.0.2)
  cucumber-rails
  d3-rails (= 3.5.2)
  daemons
  database_cleaner
  delayed_job_active_record
  devise (>= 4.6.0)
  devise_ldap_authenticatable!
  draper
  excelinator!
  factory_girl_rails (= 4.8.0)
  font-awesome-rails
  jquery-rails
  jquery-tablesorter
  jquery-ui-rails
  jrpc!
  jsonapi-resources (= 0.9.1.beta1)
  knock!
  net-ldap (~> 0.16.0)
  novus-nvd3-rails!
  odf-report!
  paper_trail
  parallel
  parallel_tests
  pg
  postgres_ext!
  puma
  puma_worker_killer
  pundit
  rails (~> 5.2.3)
  ransack
  responders
  rspec-rails
  rspec_api_documentation (~> 5.0.0)
  rubocop
  sass-globbing
  sass-rails
  secondbase!
  selenium-webdriver
  shoulda-matchers
  simplecov
  sourcify
  sprockets
  syslog-logger
  therubyracer (~> 0.12.1)
  thin
  uglifier (>= 1.3)
  webmock
  yetis_node!
  zip-zip

BUNDLED WITH
   2.0.1
